GIT
  remote: https://github.com/intridea/hashie.git
  revision: f7adbf6b6e29bfcd3efbc33695fe0e018d62e66e
  specs:
    hashie (2.0.0.beta)

GIT
  remote: https://github.com/steved555/multipart-post.git
  revision: 57c66998c05143a684c13694937c8adfd335cae1
  specs:
    multipart-post (1.1.5)

PATH
  remote: .
  specs:
    zendesk_api (0.3.2)
      faraday (>= 0.8.0)
      faraday_middleware (>= 0.8.7)
      hashie
      inflection
      json
      mime-types
      multipart-post

GEM
  remote: https://rubygems.org/
  specs:
    activemodel (3.2.11)
      activesupport (= 3.2.11)
      builder (~> 3.0.0)
    activesupport (3.2.11)
      i18n (~> 0.6)
      multi_json (~> 1.0)
    addressable (2.3.2)
    backports (2.8.2)
    bond (0.4.3)
    bond (0.4.3-java)
    bootstrap-sass (2.2.2.0)
      sass (~> 3.2)
    bouncy-castle-java (1.5.0146.1)
    builder (3.0.4)
    bump (0.3.9)
    chunky_png (1.2.7)
    coderay (1.0.8)
    coderay_bash (1.0.4)
      coderay (>= 1.0)
    compass (0.12.2)
      chunky_png (~> 1.2)
      fssm (>= 0.2.7)
      sass (~> 3.1)
    crack (0.3.2)
    daemons (1.1.9)
    database_cleaner (0.9.1)
    diff-lcs (1.1.3)
    eventmachine (1.0.0)
    eventmachine (1.0.0-java)
    faraday (0.8.6)
      multipart-post (~> 1.1)
    faraday_middleware (0.9.0)
      faraday (>= 0.7.4, < 0.9)
    fssm (0.2.10)
    haml (3.1.7)
    i18n (0.6.1)
    inflection (1.0.0)
    jruby-openssl (0.8.2)
      bouncy-castle-java (>= 1.5.0146.1)
    json (1.7.7)
    json (1.7.7-java)
    mime-types (1.21)
    mongoid (3.0.21)
      activemodel (~> 3.1)
      moped (~> 1.2)
      origin (~> 1.0)
      tzinfo (~> 0.3.22)
    moped (1.3.2)
    multi_json (1.5.0)
    newrelic_rpm (3.5.3.25)
    origin (1.0.11)
    rack (1.5.2)
    rack-protection (1.3.2)
      rack
    rack-ssl-enforcer (0.2.5)
    rack-test (0.6.2)
      rack (>= 1.0)
    rake (10.0.3)
    redcarpet (2.2.2)
    ripl (0.7.0)
      bond (~> 0.4.2)
    rspec (2.12.0)
      rspec-core (~> 2.12.0)
      rspec-expectations (~> 2.12.0)
      rspec-mocks (~> 2.12.0)
    rspec-core (2.12.2)
    rspec-expectations (2.12.1)
      diff-lcs (~> 1.1.3)
    rspec-mocks (2.12.2)
    sass (3.2.5)
    simplecov (0.7.1)
      multi_json (~> 1.0)
      simplecov-html (~> 0.7.1)
    simplecov-html (0.7.1)
    sinatra (1.3.4)
      rack (~> 1.4)
      rack-protection (~> 1.3)
      tilt (~> 1.3, >= 1.3.3)
    sinatra-contrib (1.3.2)
      backports (>= 2.0)
      eventmachine
      rack-protection
      rack-test
      sinatra (~> 1.3.0)
      tilt (~> 1.3)
    thin (1.5.0)
      daemons (>= 1.0.9)
      eventmachine (>= 0.12.6)
      rack (>= 1.0.0)
    tilt (1.3.3)
    tzinfo (0.3.35)
    vcr (2.4.0)
    webmock (1.9.0)
      addressable (>= 2.2.7)
      crack (>= 0.1.7)
    yard (0.8.4.1)

PLATFORMS
  java
  ruby

DEPENDENCIES
  bootstrap-sass
  bump
  coderay
  coderay_bash
  compass
  database_cleaner
  haml
  hashie!
  jruby-openssl
  mongoid
  multi_json
  multipart-post!
  newrelic_rpm
  rack-ssl-enforcer
  rake
  redcarpet
  ripl
  rspec
  simplecov
  sinatra
  sinatra-contrib
  thin
  vcr
  webmock
  yard
  zendesk_api!
